GEM
  remote: https://rubygems.org/
  specs:
    binman (3.3.0)
      opener (>= 0.1.0, < 1)
    diff-lcs (1.2.4)
    ffi (1.3.1)
    json (1.8.0)
    listen (0.7.3)
    opener (0.1.0)
    rake (10.0.4)
    rb-inotify (0.9.0)
      ffi (>= 0.5.0)
    rspec (2.13.0)
      rspec-core (~> 2.13.0)
      rspec-expectations (~> 2.13.0)
      rspec-mocks (~> 2.13.0)
    rspec-core (2.13.1)
    rspec-expectations (2.13.0)
      diff-lcs (>= 1.1.3, < 2.0)
    rspec-mocks (2.13.1)
    tork (19.3.0)
      binman (~> 3.0)
      diff-lcs (~> 1.1)
      json (~> 1.6)
      listen (~> 0.7)

PLATFORMS
  ruby

DEPENDENCIES
  rake
  rb-inotify
  rspec
  tork
